PATH
  remote: .
  specs:
    highrise (3.2.2)
      activeresource (>= 3.2.13)

GEM
  remote: https://rubygems.org/
  specs:
    activemodel (4.0.4)
      activesupport (= 4.0.4)
      builder (~> 3.1.0)
    activeresource (4.0.0)
      activemodel (~> 4.0)
      activesupport (~> 4.0)
      rails-observers (~> 0.1.1)
    activesupport (4.0.4)
      i18n (~> 0.6, >= 0.6.9)
      minitest (~> 4.2)
      multi_json (~> 1.3)
      thread_safe (~> 0.1)
      tzinfo (~> 0.3.37)
    builder (3.1.4)
    diff-lcs (1.2.1)
    i18n (0.6.9)
    minitest (4.7.5)
    multi_json (1.9.2)
    rails-observers (0.1.2)
      activemodel (~> 4.0)
    rake (13.0.1)
    rspec (2.13.0)
      rspec-core (~> 2.13.0)
      rspec-expectations (~> 2.13.0)
      rspec-mocks (~> 2.13.0)
    rspec-core (2.13.0)
    rspec-expectations (2.13.0)
      diff-lcs (>= 1.1.3, < 2.0)
    rspec-mocks (2.13.0)
    thread_safe (0.3.2)
    thread_safe (0.3.2-java)
    tzinfo (0.3.39)

PLATFORMS
  java
  ruby

DEPENDENCIES
  highrise!
  rake
  rspec
